GIT
  remote: http://github.com/nfelger/rype
  revision: 71a1e5d0ca2768b96ceb707a5a27085aaa5d347e
  specs:
    rype (0.0.4)
      ruby-dbus (>= 0.6)

PATH
  remote: .
  specs:
    hardworkingbob (0.0.1)
      fakefs
      faster_xml_simple
      nokogiri
      rype

GEM
  remote: http://rubygems.org/
  specs:
    diff-lcs (1.1.3)
    fakefs (0.4.0)
    faster_xml_simple (0.5.0)
      libxml-ruby (>= 0.3.8.4)
    libxml-ruby (2.3.3)
    multi_json (1.3.6)
    nokogiri (1.5.6)
    rspec (2.11.0)
      rspec-core (~> 2.11.0)
      rspec-expectations (~> 2.11.0)
      rspec-mocks (~> 2.11.0)
    rspec-core (2.11.1)
    rspec-expectations (2.11.3)
      diff-lcs (~> 1.1.3)
    rspec-mocks (2.11.3)
    ruby-dbus (0.8.0)
    simplecov (0.6.4)
      multi_json (~> 1.0)
      simplecov-html (~> 0.5.3)
    simplecov-html (0.5.3)

PLATFORMS
  ruby

DEPENDENCIES
  hardworkingbob!
  rspec
  rype!
  simplecov
