GIT
  remote: http://github.com/pbrisbin/rype
  revision: 0c6a40bba3619543253cca58feda18bcc7773a2c
  branch: logger
  specs:
    rype (0.0.4)
      ruby-dbus (>= 0.6)

PATH
  remote: .
  specs:
    basil (0.0.2)
      fakefs
      faster_xml_simple
      nokogiri
      rype
      twitter

GEM
  remote: http://rubygems.org/
  specs:
    diff-lcs (1.1.3)
    fakefs (0.4.0)
    faraday (0.8.1)
      multipart-post (~> 1.1)
    faster_xml_simple (0.5.0)
      libxml-ruby (>= 0.3.8.4)
    libxml-ruby (2.3.3)
    multi_json (1.3.6)
    multipart-post (1.1.5)
    nokogiri (1.5.5)
    rspec (2.11.0)
      rspec-core (~> 2.11.0)
      rspec-expectations (~> 2.11.0)
      rspec-mocks (~> 2.11.0)
    rspec-core (2.11.0)
    rspec-expectations (2.11.1)
      diff-lcs (~> 1.1.3)
    rspec-mocks (2.11.1)
    ruby-dbus (0.7.2)
    simple_oauth (0.1.8)
    simplecov (0.6.4)
      multi_json (~> 1.0)
      simplecov-html (~> 0.5.3)
    simplecov-html (0.5.3)
    twitter (3.0.4)
      faraday (~> 0.8)
      multi_json (~> 1.3)
      simple_oauth (~> 0.1.6)

PLATFORMS
  ruby

DEPENDENCIES
  basil!
  rspec
  rype!
  simplecov
