GIT
  remote: http://github.com/nfelger/rype
  revision: 0b482ce817f6147b9e2338957f0efdde2753e8cb
  specs:
    rype (0.0.4)
      ruby-dbus (>= 0.6)

PATH
  remote: .
  specs:
    basil (0.0.2)
      fakefs
      faster_xml_simple
      nokogiri
      rype
      twitter

GEM
  remote: http://rubygems.org/
  specs:
    fakefs (0.4.0)
    faraday (0.8.1)
      multipart-post (~> 1.1)
    faster_xml_simple (0.5.0)
      libxml-ruby (>= 0.3.8.4)
    libxml-ruby (2.3.3)
    multi_json (1.3.6)
    multipart-post (1.1.5)
    nokogiri (1.5.5)
    ruby-dbus (0.7.2)
    simple_oauth (0.1.8)
    simplecov (0.6.4)
      multi_json (~> 1.0)
      simplecov-html (~> 0.5.3)
    simplecov-html (0.5.3)
    twitter (3.0.4)
      faraday (~> 0.8)
      multi_json (~> 1.3)
      simple_oauth (~> 0.1.6)

PLATFORMS
  ruby

DEPENDENCIES
  basil!
  rype!
  simplecov
